GEM
  remote: https://rubygems.org/
  specs:
    activesupport (4.0.1)
      i18n (~> 0.6, >= 0.6.4)
      minitest (~> 4.2)
      multi_json (~> 1.3)
      thread_safe (~> 0.1)
      tzinfo (~> 0.3.37)
    addressable (2.3.5)
    anvil-cli (0.16.1)
      progress (~> 2.4.0)
      rest-client (~> 1.6.7)
      thor (~> 0.15.2)
    atomic (1.1.14)
    excon (0.25.3)
    heroku (3.0.1)
      heroku-api (~> 0.3.7)
      launchy (>= 0.3.2)
      netrc (~> 0.7.7)
      rest-client (~> 1.6.1)
      rubyzip
    heroku-api (0.3.15)
      excon (~> 0.25.1)
    heroku_hatchet (1.1.6)
      activesupport
      anvil-cli
      excon
      heroku-api
      repl_runner
      rrrretry
      thor
    i18n (0.6.5)
    launchy (2.3.0)
      addressable (~> 2.3)
    mime-types (2.0)
    minitest (4.7.5)
    multi_json (1.8.2)
    netrc (0.7.7)
    progress (2.4.0)
    repl_runner (0.0.2)
      activesupport
    rest-client (1.6.7)
      mime-types (>= 1.16)
    rrrretry (0.0.1)
    rubyzip (1.1.0)
    thor (0.15.4)
    thread_safe (0.1.3)
      atomic
    tzinfo (0.3.38)

PLATFORMS
  ruby

DEPENDENCIES
  heroku
  heroku_hatchet
  minitest
