GEM
  remote: https://rubygems.org/
  specs:
    id3lib-ruby (0.6.0)

PLATFORMS
  ruby

DEPENDENCIES
  id3lib-ruby (= 0.6.0)
  rack